PATH
  remote: .
  specs:
    turbulence (0.0.9)
      flog (= 2.5.0)
      json (= 1.4.6)
      launchy (~> 0.4.0)

GEM
  remote: http://rubygems.org/
  specs:
    configuration (1.2.0)
    diff-lcs (1.1.2)
    flog (2.5.0)
      ruby_parser (~> 2.0)
      sexp_processor (~> 3.0)
    json (1.4.6)
    json (1.4.6-x86-mingw32)
    launchy (0.4.0)
      configuration (>= 0.0.5)
      rake (>= 0.8.1)
    rake (0.8.7)
    rspec (2.5.0)
      rspec-core (~> 2.5.0)
      rspec-expectations (~> 2.5.0)
      rspec-mocks (~> 2.5.0)
    rspec-core (2.5.1)
    rspec-expectations (2.5.0)
      diff-lcs (~> 1.1.2)
    rspec-mocks (2.5.0)
    ruby_parser (2.0.6)
      sexp_processor (~> 3.0)
    sexp_processor (3.0.5)

PLATFORMS
  ruby
  x86-mingw32

DEPENDENCIES
  flog (= 2.5.0)
  json (= 1.4.6)
  launchy (~> 0.4.0)
  rspec
  turbulence!
